GEM
  remote: https://rubygems.org/
  specs:
    google-protobuf (3.11.1)
    googleapis-common-protos-types (1.0.4)
      google-protobuf (~> 3.0)
    grpc (1.25.0)
      google-protobuf (~> 3.8)
      googleapis-common-protos-types (~> 1.0)
    multi_json (1.13.1)

PLATFORMS
  ruby

DEPENDENCIES
  grpc (~> 1.0)
  multi_json (~> 1.13.1)

BUNDLED WITH
   1.17.2
